PATH
  remote: .
  specs:
    java_serialization (0.1.0)
      bindata

GEM
  remote: https://rubygems.org/
  specs:
    bindata (2.4.8)
    diff-lcs (1.4.4)
    rake (10.5.0)
    rspec (3.9.0)
      rspec-core (~> 3.9.0)
      rspec-expectations (~> 3.9.0)
      rspec-mocks (~> 3.9.0)
    rspec-core (3.9.2)
      rspec-support (~> 3.9.3)
    rspec-expectations (3.9.2)
      diff-lcs (>= 1.2.0, < 2.0)
      rspec-support (~> 3.9.0)
    rspec-mocks (3.9.1)
      diff-lcs (>= 1.2.0, < 2.0)
      rspec-support (~> 3.9.0)
    rspec-support (3.9.3)

PLATFORMS
  ruby

DEPENDENCIES
  bundler (~> 2.0)
  java_serialization!
  rake (~> 10.0)
  rspec (~> 3.0)

BUNDLED WITH
   2.0.2
